PATH
  remote: /home/dnesteryuk/projects/torrent_api
  specs:
    torrent_api (0.2.8)
      hpricot
      nokogiri

GEM
  specs:
    hpricot (0.8.6)
    mini_portile (0.5.1)
    nokogiri (1.6.0)
      mini_portile (~> 0.5.0)

PLATFORMS
  ruby

DEPENDENCIES
  torrent_api!
